PATH
  remote: .
  specs:
    libarchive-ruby-fs (0.2.4)

GEM
  remote: https://rubygems.org/
  specs:
    minitest (5.18.1)
    rake (13.0.6)
    rake-compiler (0.9.9)
      rake

PLATFORMS
  x86_64-linux

DEPENDENCIES
  libarchive-ruby-fs!
  minitest (~> 5.3)
  rake-compiler (~> 0.9)

BUNDLED WITH
   2.4.12
